PATH
  remote: .
  specs:
    config_o_mat (0.5.8)
      aws-sdk-appconfig (~> 1.18)
      aws-sdk-s3 (~> 1.114)
      aws-sdk-secretsmanager (~> 1.57)
      facter (~> 4.2, >= 4.2.8)
      lifecycle_vm (~> 0.1.1)
      logsformyfamily (~> 0.2)
      ruby-dbus (~> 0.19.0)
      sd_notify (~> 0.1.1)

GEM
  remote: https://rubygems.org/
  specs:
    aws-eventstream (1.4.0)
    aws-partitions (1.1174.0)
    aws-sdk-appconfig (1.71.0)
      aws-sdk-core (~> 3, >= 3.231.0)
      aws-sigv4 (~> 1.5)
    aws-sdk-core (3.233.0)
      aws-eventstream (~> 1, >= 1.3.0)
      aws-partitions (~> 1, >= 1.992.0)
      aws-sigv4 (~> 1.9)
      base64
      bigdecimal
      jmespath (~> 1, >= 1.6.1)
      logger
    aws-sdk-kms (1.114.0)
      aws-sdk-core (~> 3, >= 3.231.0)
      aws-sigv4 (~> 1.5)
    aws-sdk-s3 (1.200.0)
      aws-sdk-core (~> 3, >= 3.231.0)
      aws-sdk-kms (~> 1)
      aws-sigv4 (~> 1.5)
    aws-sdk-secretsmanager (1.120.0)
      aws-sdk-core (~> 3, >= 3.231.0)
      aws-sigv4 (~> 1.5)
    aws-sigv4 (1.12.1)
      aws-eventstream (~> 1, >= 1.0.2)
    base64 (0.3.0)
    bigdecimal (3.3.1)
    diff-lcs (1.6.2)
    docile (1.4.1)
    facter (4.10.0)
      hocon (~> 1.3)
      thor (>= 1.0.1, < 1.3)
    hocon (1.4.0)
    jmespath (1.6.2)
    lifecycle_vm (0.1.3)
    logger (1.7.0)
    logsformyfamily (0.3.0)
    rake (13.3.0)
    rexml (3.4.4)
    rspec (3.13.2)
      rspec-core (~> 3.13.0)
      rspec-expectations (~> 3.13.0)
      rspec-mocks (~> 3.13.0)
    rspec-core (3.13.6)
      rspec-support (~> 3.13.0)
    rspec-expectations (3.13.5)
      diff-lcs (>= 1.2.0, < 2.0)
      rspec-support (~> 3.13.0)
    rspec-mocks (3.13.6)
      diff-lcs (>= 1.2.0, < 2.0)
      rspec-support (~> 3.13.0)
    rspec-support (3.13.6)
    ruby-dbus (0.19.0)
      rexml
    sd_notify (0.1.1)
    simplecov (0.22.0)
      docile (~> 1.1)
      simplecov-html (~> 0.11)
      simplecov_json_formatter (~> 0.1)
    simplecov-html (0.13.2)
    simplecov_json_formatter (0.1.4)
    thor (1.2.2)

PLATFORMS
  ruby

DEPENDENCIES
  config_o_mat!
  rake (~> 13.0)
  rspec (~> 3.10)
  simplecov (~> 0.22.0)

BUNDLED WITH
   2.4.22
