PATH
  remote: .
  specs:
    config_o_mat (0.5.5)
      aws-sdk-appconfig (~> 1.18)
      aws-sdk-s3 (~> 1.114)
      aws-sdk-secretsmanager (~> 1.57)
      facter (~> 4.2, >= 4.2.8)
      lifecycle_vm (~> 0.1.1)
      logsformyfamily (~> 0.2)
      ruby-dbus (~> 0.19.0)
      sd_notify (~> 0.1.1)

GEM
  remote: https://rubygems.org/
  specs:
    aws-eventstream (1.2.0)
    aws-partitions (1.719.0)
    aws-sdk-appconfig (1.30.0)
      aws-sdk-core (~> 3, >= 3.165.0)
      aws-sigv4 (~> 1.1)
    aws-sdk-core (3.170.0)
      aws-eventstream (~> 1, >= 1.0.2)
      aws-partitions (~> 1, >= 1.651.0)
      aws-sigv4 (~> 1.5)
      jmespath (~> 1, >= 1.6.1)
    aws-sdk-kms (1.63.0)
      aws-sdk-core (~> 3, >= 3.165.0)
      aws-sigv4 (~> 1.1)
    aws-sdk-s3 (1.119.1)
      aws-sdk-core (~> 3, >= 3.165.0)
      aws-sdk-kms (~> 1)
      aws-sigv4 (~> 1.4)
    aws-sdk-secretsmanager (1.72.0)
      aws-sdk-core (~> 3, >= 3.165.0)
      aws-sigv4 (~> 1.1)
    aws-sigv4 (1.5.2)
      aws-eventstream (~> 1, >= 1.0.2)
    diff-lcs (1.5.0)
    docile (1.4.0)
    facter (4.3.0)
      hocon (~> 1.3)
      thor (>= 1.0.1, < 2.0)
    hocon (1.3.1)
    jmespath (1.6.2)
    lifecycle_vm (0.1.3)
    logsformyfamily (0.3.0)
    rexml (3.2.5)
    rspec (3.12.0)
      rspec-core (~> 3.12.0)
      rspec-expectations (~> 3.12.0)
      rspec-mocks (~> 3.12.0)
    rspec-core (3.12.1)
      rspec-support (~> 3.12.0)
    rspec-expectations (3.12.2)
      diff-lcs (>= 1.2.0, < 2.0)
      rspec-support (~> 3.12.0)
    rspec-mocks (3.12.3)
      diff-lcs (>= 1.2.0, < 2.0)
      rspec-support (~> 3.12.0)
    rspec-support (3.12.0)
    ruby-dbus (0.19.0)
      rexml
    sd_notify (0.1.1)
    simplecov (0.22.0)
      docile (~> 1.1)
      simplecov-html (~> 0.11)
      simplecov_json_formatter (~> 0.1)
    simplecov-html (0.12.3)
    simplecov_json_formatter (0.1.4)
    thor (1.2.1)

PLATFORMS
  ruby

DEPENDENCIES
  config_o_mat!
  rspec (~> 3.10)
  simplecov (~> 0.22.0)

BUNDLED WITH
   2.1.4
